PATH
  remote: .
  specs:
    levenshteinish (1.0.0)
      hintable_levenshtein

GEM
  remote: http://rubygems.org/
  specs:
    diff-lcs (1.1.2)
    hintable_levenshtein (0.0.3)
    rspec (2.4.0)
      rspec-core (~> 2.4.0)
      rspec-expectations (~> 2.4.0)
      rspec-mocks (~> 2.4.0)
    rspec-core (2.4.0)
    rspec-expectations (2.4.0)
      diff-lcs (~> 1.1.2)
    rspec-mocks (2.4.0)

PLATFORMS
  ruby

DEPENDENCIES
  levenshteinish!
  rspec

BUNDLED WITH
   1.12.5
